GEM
  remote: https://rubygems.org/
  specs:
    minitest (5.14.4)

PLATFORMS
  ruby

DEPENDENCIES
  minitest (~> 5.8, >= 5.8.4)

RUBY VERSION
   ruby 2.7.2p137

BUNDLED WITH
   2.1.4
